GEM
  remote: https://rubygems.org/
  specs:
    base64 (0.3.0)
    event_stream_parser (1.0.0)
    faraday (2.13.1)
      faraday-net_http (>= 2.0, < 3.5)
      json
      logger
    faraday-multipart (1.1.1)
      multipart-post (~> 2.0)
    faraday-net_http (3.4.1)
      net-http (>= 0.5.0)
    faraday-retry (2.3.2)
      faraday (~> 2.0)
    json (2.12.2)
    logger (1.7.0)
    marcel (1.0.4)
    multipart-post (2.4.1)
    net-http (0.6.0)
      uri
    ruby_llm (1.3.1)
      base64
      event_stream_parser (~> 1)
      faraday (>= 1.10.0)
      faraday-multipart (>= 1)
      faraday-net_http (>= 1)
      faraday-retry (>= 1)
      marcel (~> 1.0)
      zeitwerk (~> 2)
    uri (1.0.3)
    zeitwerk (2.6.18)

PLATFORMS
  ruby

DEPENDENCIES
  ruby_llm

BUNDLED WITH
   2.5.11
